GEM
  remote: https://rubygems.org/
  specs:
    jekyll-feed (0.3.1)

PLATFORMS
  ruby

DEPENDENCIES
  jekyll-feed
  tzinfo-data

BUNDLED WITH
   1.13.6
